PATH
  remote: .
  specs:
    directory_listing (0.6.0)
      filesize (>= 0.0.2)
      sinatra
      truncate (>= 0.0.4)

GEM
  remote: http://rubygems.org/
  specs:
    filesize (0.0.3)
    rack (1.5.2)
    rack-protection (1.5.3)
      rack
    rack-test (0.6.2)
      rack (>= 1.0)
    rake (10.1.0)
    sinatra (1.4.5)
      rack (~> 1.4)
      rack-protection (~> 1.4)
      tilt (~> 1.3, >= 1.3.4)
    tilt (1.4.1)
    truncate (0.1.0)
    yard (0.8.7)

PLATFORMS
  ruby

DEPENDENCIES
  bundler (~> 1.3)
  directory_listing!
  rack-test (~> 0.6.2)
  rake
  yard (~> 0.8.7)
